GEM
  remote: https://rubygems.org/
  specs:
    activesupport (4.2.5.2)
      i18n (~> 0.7)
      json (~> 1.7, >= 1.7.7)
      minitest (~> 5.1)
      thread_safe (~> 0.3, >= 0.3.4)
      tzinfo (~> 1.1)
    builder (3.2.2)
    certified (1.0.0)
    eventmachine (1.0.9.1)
    faraday (0.9.2)
      multipart-post (>= 1.2, < 3)
    faye-websocket (0.10.3)
      eventmachine (>= 0.12.0)
      websocket-driver (>= 0.5.1)
    git-version-bump (0.15.1)
    i18n (0.7.0)
    json (1.8.3)
    minitest (5.8.4)
    multipart-post (2.0.0)
    puma (3.0.2)
    rack (1.6.4)
    rack-contrib (1.4.0)
      git-version-bump (~> 0.15)
      rack (~> 1.4)
    rack-protection (1.5.3)
      rack
    ruby-bandwidth (1.0.12)
      activesupport
      builder
      certified
      faraday
      json
    sinatra (1.4.7)
      rack (~> 1.5)
      rack-protection (~> 1.4)
      tilt (>= 1.3, < 3)
    thread_safe (0.3.5)
    tilt (2.0.2)
    tzinfo (1.2.2)
      thread_safe (~> 0.1)
    websocket-driver (0.6.3)
      websocket-extensions (>= 0.1.0)
    websocket-extensions (0.1.2)

PLATFORMS
  ruby

DEPENDENCIES
  faye-websocket
  i18n
  puma
  rack
  rack-contrib
  ruby-bandwidth
  sinatra

BUNDLED WITH
   1.11.2
